GIT
  remote: git://github.com/udzura/rcairo.git
  revision: 8a9ef9e6e75d05e166db628d472e5b6eb1ad6182
  specs:
    cairo (1.12.5)
      pkg-config

GEM
  remote: https://rubygems.org/
  specs:
    backports (3.1.1)
    coderay (1.0.9)
    eventmachine (1.0.3)
    glib2 (1.2.2)
      pkg-config
    haml (4.0.0)
      tilt
    method_source (0.8.1)
    pango (1.2.2)
      cairo (>= 1.10.0)
      glib2 (>= 1.2.2)
    pkg-config (1.1.4)
    pry (0.9.12)
      coderay (~> 1.0.5)
      method_source (~> 0.8)
      slop (~> 3.4)
    rack (1.5.2)
    rack-protection (1.5.0)
      rack
    rack-test (0.6.2)
      rack (>= 1.0)
    sinatra (1.3.6)
      rack (~> 1.4)
      rack-protection (~> 1.3)
      tilt (~> 1.3, >= 1.3.3)
    sinatra-contrib (1.3.2)
      backports (>= 2.0)
      eventmachine
      rack-protection
      rack-test
      sinatra (~> 1.3.0)
      tilt (~> 1.3)
    slop (3.4.4)
    tilt (1.3.5)

PLATFORMS
  ruby

DEPENDENCIES
  cairo!
  haml
  pango
  pry
  sinatra
  sinatra-contrib
